PATH
  remote: .
  specs:
    nesta (0.9.5)
      RedCloth (~> 4.2)
      haml (~> 3.1)
      maruku (>= 0.6.0)
      sass (~> 3.1)
      shotgun (>= 0.8)
      sinatra (= 1.2.6)

GEM
  remote: http://rubygems.org/
  specs:
    RedCloth (4.2.7)
    haml (3.1.1)
    hoe (2.9.4)
      rake (>= 0.8.7)
    hpricot (0.8.3)
    maruku (0.6.0)
      syntax (>= 1.0.0)
    rack (1.3.0)
    rack-test (0.5.7)
      rack (>= 1.0)
    rake (0.9.0)
    rspec (1.3.0)
    rspec_hpricot_matchers (1.0)
    sass (3.1.1)
    shotgun (0.9)
      rack (>= 1.0)
    sinatra (1.2.6)
      rack (~> 1.1)
      tilt (>= 1.2.2, < 2.0)
    syntax (1.0.0)
    test-unit (1.2.3)
      hoe (>= 1.5.1)
    tilt (1.3.1)

PLATFORMS
  ruby

DEPENDENCIES
  hpricot (= 0.8.3)
  nesta!
  rack-test (= 0.5.7)
  rspec (= 1.3.0)
  rspec_hpricot_matchers (= 1.0)
  test-unit (= 1.2.3)
